GEM
  remote: https://rubygems.org/
  specs:
    aws-sdk (2.5.11)
      aws-sdk-resources (= 2.5.11)
    aws-sdk-core (2.5.11)
      jmespath (~> 1.0)
    aws-sdk-resources (2.5.11)
      aws-sdk-core (= 2.5.11)
    chef-api (0.6.0)
      logify (~> 0.1)
      mime-types
    diff-lcs (1.2.5)
    jmespath (1.3.1)
    logify (0.2.0)
    mime-types (3.1)
      mime-types-data (~> 3.2015)
    mime-types-data (3.2016.0521)
    rspec (3.5.0)
      rspec-core (~> 3.5.0)
      rspec-expectations (~> 3.5.0)
      rspec-mocks (~> 3.5.0)
    rspec-core (3.5.3)
      rspec-support (~> 3.5.0)
    rspec-expectations (3.5.0)
      diff-lcs (>= 1.2.0, < 2.0)
      rspec-support (~> 3.5.0)
    rspec-mocks (3.5.0)
      diff-lcs (>= 1.2.0, < 2.0)
      rspec-support (~> 3.5.0)
    rspec-support (3.5.0)

PLATFORMS
  ruby

DEPENDENCIES
  aws-sdk (~> 2.0)
  chef-api (~> 0.5)
  rspec

BUNDLED WITH
   1.12.5
