GEM
  remote: https://rubygems.org/
  specs:
    chef-api (0.6.0)
      logify (~> 0.1)
      mime-types
    logify (0.2.0)
    mime-types (3.1)
      mime-types-data (~> 3.2015)
    mime-types-data (3.2016.0521)

PLATFORMS
  ruby

DEPENDENCIES
  chef-api (~> 0.5)

BUNDLED WITH
   1.11.2
